GIT
  remote: git://github.com/chriskite/parse-cron.git
  revision: 2b1857b997c4ff032663e1f2920a87553f96a28a
  specs:
    parse-cron (0.1.1)

GEM
  remote: https://rubygems.org/
  specs:
    activemodel (3.2.8)
      activesupport (= 3.2.8)
      builder (~> 3.0.0)
    activesupport (3.2.8)
      i18n (~> 0.6)
      multi_json (~> 1.0)
    builder (3.0.3)
    daemon-kit (0.1.8.2)
      eventmachine (>= 0.12.10)
      safely (>= 0.3.1)
    eventmachine (1.0.0)
    i18n (0.6.1)
    mail (2.4.4)
      i18n (>= 0.4.0)
      mime-types (~> 1.16)
      treetop (~> 1.4.8)
    mime-types (1.19)
    mongoid (3.0.6)
      activemodel (~> 3.1)
      moped (~> 1.1)
      origin (~> 1.0)
      tzinfo (~> 0.3.22)
    moped (1.2.5)
    multi_json (1.3.6)
    origin (1.0.9)
    polyglot (0.3.3)
    pony (1.4)
      mail (> 2.0)
    safely (0.3.2)
    treetop (1.4.10)
      polyglot
      polyglot (>= 0.3.1)
    tzinfo (0.3.33)

PLATFORMS
  ruby

DEPENDENCIES
  daemon-kit
  mongoid (~> 3.0.0)
  moped (~> 1.2.5)
  parse-cron!
  pony
  safely
